GEM
  remote: https://rubygems.org/
  specs:
    addressable (2.3.7)
    diff-lcs (1.2.5)
    dotenv (0.10.0)
    google_custom_search_api (1.0.0)
      addressable
      httparty
    httparty (0.13.3)
      json (~> 1.8)
      multi_xml (>= 0.5.2)
    json (1.8.2)
    multi_xml (0.5.5)
    rspec (3.1.0)
      rspec-core (~> 3.1.0)
      rspec-expectations (~> 3.1.0)
      rspec-mocks (~> 3.1.0)
    rspec-core (3.1.7)
      rspec-support (~> 3.1.0)
    rspec-expectations (3.1.2)
      diff-lcs (>= 1.2.0, < 2.0)
      rspec-support (~> 3.1.0)
    rspec-mocks (3.1.3)
      rspec-support (~> 3.1.0)
    rspec-support (3.1.2)
    searchbing (0.2.4)

PLATFORMS
  ruby

DEPENDENCIES
  dotenv
  google_custom_search_api
  rspec
  searchbing
